GEM
  remote: https://rubygems.org/
  specs:
    amq-protocol (2.3.0)
    backports (3.11.1)
    bunny (2.9.2)
      amq-protocol (~> 2.3.0)
    multi_json (1.13.1)
    mustermann (1.0.2)
    rack (2.0.4)
    rack-protection (2.0.1)
      rack
    sinatra (2.0.1)
      mustermann (~> 1.0)
      rack (~> 2.0)
      rack-protection (= 2.0.1)
      tilt (~> 2.0)
    sinatra-contrib (2.0.1)
      backports (>= 2.0)
      multi_json
      mustermann (~> 1.0)
      rack-protection (= 2.0.1)
      sinatra (= 2.0.1)
      tilt (>= 1.3, < 3)
    tilt (2.0.8)

PLATFORMS
  ruby

DEPENDENCIES
  bunny (>= 2.9.2)
  sinatra (~> 2.0)
  sinatra-contrib

BUNDLED WITH
   1.14.6
